GEM
  remote: https://rubygems.org/
  specs:
    activemodel (4.2.5.1)
      activesupport (= 4.2.5.1)
      builder (~> 3.1)
    activesupport (4.2.5.1)
      i18n (~> 0.7)
      json (~> 1.7, >= 1.7.7)
      minitest (~> 5.1)
      thread_safe (~> 0.3, >= 0.3.4)
      tzinfo (~> 1.1)
    builder (3.2.2)
    curb (0.9.1)
    i18n (0.7.0)
    json (1.8.3)
    libsaml (2.20.0)
      activemodel (>= 3.0.0)
      activesupport (>= 3.2.15)
      curb
      xmldsig (~> 0.4.0)
      xmlenc (~> 0.6.2)
      xmlmapper (~> 0.6.4)
    mini_portile2 (2.0.0)
    minitest (5.8.4)
    nokogiri (1.6.7.2)
      mini_portile2 (~> 2.0.0.rc2)
    openssl (0.2.0)
    thread_safe (0.3.5)
    tzinfo (1.2.2)
      thread_safe (~> 0.1)
    xmldsig (0.4.0)
      nokogiri
    xmlenc (0.6.2)
      activemodel (>= 3.0.0)
      activesupport (>= 3.0.0)
      nokogiri (~> 1.6.0)
      xmlmapper (~> 0.6.0)
    xmlmapper (0.6.4)
      nokogiri (~> 1.5)

PLATFORMS
  ruby

DEPENDENCIES
  libsaml
  openssl
  xmlenc

BUNDLED WITH
   1.11.2
